PATH
  remote: .
  specs:
    multi_timeout (1.1.0)

GEM
  remote: https://rubygems.org/
  specs:
    bump (0.3.9)
    diff-lcs (1.1.3)
    rake (10.0.3)
    rspec (2.12.0)
      rspec-core (~> 2.12.0)
      rspec-expectations (~> 2.12.0)
      rspec-mocks (~> 2.12.0)
    rspec-core (2.12.2)
    rspec-expectations (2.12.1)
      diff-lcs (~> 1.1.3)
    rspec-mocks (2.12.2)
    wwtd (0.4.6)

PLATFORMS
  ruby

DEPENDENCIES
  bump
  multi_timeout!
  rake
  rspec (~> 2)
  wwtd

BUNDLED WITH
   1.12.5
